PATH
  remote: .
  specs:
    add_to_calendar (0.4.1)
      tzinfo (>= 1.1, < 3)
      tzinfo-data (~> 1.2020)

GEM
  remote: https://rubygems.org/
  specs:
    coderay (1.1.3)
    concurrent-ruby (1.2.3)
    method_source (1.0.0)
    minitest (5.18.0)
    pry (0.14.2)
      coderay (~> 1.1)
      method_source (~> 1.0)
    rake (13.0.1)
    timecop (0.9.6)
    tzinfo (2.0.6)
      concurrent-ruby (~> 1.0)
    tzinfo-data (1.2024.1)
      tzinfo (>= 1.0.0)

PLATFORMS
  ruby

DEPENDENCIES
  add_to_calendar!
  bundler (~> 2.0)
  minitest (~> 5.0)
  pry (~> 0.14)
  rake (~> 13.0.1)
  timecop (~> 0.9)
  tzinfo (~> 2.0.0)

BUNDLED WITH
   2.3.9
